GEM
  remote: https://rubygems.org/
  specs:
    asciidoctor (2.0.23)
    asciidoctor-diagram (3.0.1)
      asciidoctor (>= 1.5.7, < 3.x)
      rexml
    asciidoctor-revealjs (5.2.0)
      asciidoctor (>= 2.0.0, < 3.0.0)
    logger (1.7.0)
    rexml (3.4.1)

PLATFORMS
  ruby
  x86_64-linux

DEPENDENCIES
  asciidoctor
  asciidoctor-diagram
  asciidoctor-revealjs
  logger

BUNDLED WITH
   2.7.1
